PATH
  remote: .
  specs:
    exception_search (0.0.1)

GEM
  remote: https://rubygems.org/
  specs:

PLATFORMS
  ruby

DEPENDENCIES
  exception_search!
